PATH
  remote: .
  specs:
    consular (1.0.0)
      activesupport
      thor

GEM
  remote: http://rubygems.org/
  specs:
    activesupport (3.1.1)
      multi_json (~> 1.0)
    fakefs (0.3.1)
    metaclass (0.0.1)
    minitest (2.6.1)
    mocha (0.10.0)
      metaclass (~> 0.0.1)
    multi_json (1.0.3)
    thor (0.14.6)

PLATFORMS
  ruby

DEPENDENCIES
  consular!
  fakefs
  minitest
  mocha
