PATH
  remote: .
  specs:
    terminitor (0.6.1)
      activesupport (~> 3.1.0)
      github (~> 0.6.2)
      rb-appscript (~> 0.6.1)
      thor (~> 0.14.0)

GEM
  remote: http://rubygems.org/
  specs:
    activesupport (3.1.0)
      multi_json (~> 1.0)
    configuration (1.3.1)
    fakefs (0.3.1)
    github (0.6.2)
      highline (~> 1.5.1)
      json_pure (~> 1.5.1)
      launchy (~> 0.3.7)
      text-format (= 1.0.0)
      text-hyphen (= 1.0.0)
    highline (1.5.2)
    json_pure (1.5.4)
      spruz (~> 0.2.8)
    launchy (0.3.7)
      configuration (>= 0.0.5)
      rake (>= 0.8.1)
    metaclass (0.0.1)
    minitest (2.6.1)
    mocha (0.10.0)
      metaclass (~> 0.0.1)
    multi_json (1.0.3)
    rake (0.9.2)
    rb-appscript (0.6.1)
    riot (0.12.3)
      rr
    rr (1.0.2)
    spruz (0.2.13)
    text-format (1.0.0)
      text-hyphen (~> 1.0.0)
    text-hyphen (1.0.0)
    thor (0.14.6)

PLATFORMS
  ruby

DEPENDENCIES
  bundler (~> 1.0.0)
  fakefs
  minitest
  mocha
  riot (~> 0.12.3)
  rr (~> 1.0.0)
  terminitor!
